GEM
  remote: https://rubygems.org/
  specs:
    mini_portile (0.5.1)
    nokogiri (1.6.0)
      mini_portile (~> 0.5.0)
    oj (2.1.4)

PLATFORMS
  ruby

DEPENDENCIES
  nokogiri
  oj
